GEM
  remote: https://rubygems.org/
  specs:
    gosu (1.4.1)

PLATFORMS
  x86_64-darwin-21

DEPENDENCIES
  gosu

BUNDLED WITH
   2.3.7
